GEM
  remote: https://rubygems.org/
  specs:
    minitest (5.25.5)
    yard (0.9.37)

PLATFORMS
  arm64-darwin-24
  ruby

DEPENDENCIES
  minitest
  yard

BUNDLED WITH
   2.6.9
